GEM
  remote: http://rubygems.org/
  specs:
    market_beat (0.2.0)

PLATFORMS
  ruby

DEPENDENCIES
  market_beat
